PATH
  remote: .
  specs:
    pnm_api (0.3.0)
      httparty
      thor

GEM
  remote: https://rubygems.org/
  specs:
    httparty (0.13.0)
      json (~> 1.8)
      multi_xml (>= 0.5.2)
    json (1.8.1)
    multi_xml (0.5.5)
    rake (10.1.1)
    thor (0.19.1)

PLATFORMS
  ruby

DEPENDENCIES
  bundler (~> 1.5)
  pnm_api!
  rake
